ObjectType = Image
NDims = 3
BinaryData = True
BinaryDataByteOrderMSB = False
CompressedData = False
TransformMatrix = 1 0 0 0 1 0 0 0 1
Offset = -349.316 -489.316 -860.5
CenterOfRotation = 0 0 0
AnatomicalOrientation = RAI
ElementSpacing = 4.68 4.68 5.5
DimSize = 150 150 150
ElementType = MET_FLOAT
ElementDataFile = example.raw
